GEM
  remote: https://rubygems.org/
  specs:
    atlas (1.5.0)
      excon (~> 0.45)
    excon (0.54.0)

PLATFORMS
  ruby

DEPENDENCIES
  atlas (~> 1.5.0)

BUNDLED WITH
   1.14.1
